GEM
  remote: https://rubygems.org/
  specs:
    rack (3.0.7)
    rackup (2.1.0)
      rack (>= 3)
      webrick (~> 1.8)
    roda (3.67.0)
      rack
    webrick (1.8.1)

PLATFORMS
  x86_64-linux

DEPENDENCIES
  rackup (~> 2.1)
  roda (~> 3.67)

BUNDLED WITH
   2.4.10
